GEM
  remote: https://rubygems.org/
  specs:
    addressable (2.8.0)
      public_suffix (>= 2.0.2, < 5.0)
    client-api (0.3.9)
      json-schema (~> 2.8)
      logger (~> 1.0)
    crack (0.4.5)
      rexml
    diff-lcs (1.4.4)
    dotenv (2.7.6)
    hashdiff (1.0.1)
    json-schema (2.8.1)
      addressable (>= 2.4)
    logger (1.4.4)
    public_suffix (4.0.6)
    rexml (3.2.5)
    rspec (3.10.0)
      rspec-core (~> 3.10.0)
      rspec-expectations (~> 3.10.0)
      rspec-mocks (~> 3.10.0)
    rspec-core (3.10.1)
      rspec-support (~> 3.10.0)
    rspec-expectations (3.10.1)
      diff-lcs (>= 1.2.0, < 2.0)
      rspec-support (~> 3.10.0)
    rspec-mocks (3.10.2)
      diff-lcs (>= 1.2.0, < 2.0)
      rspec-support (~> 3.10.0)
    rspec-support (3.10.3)
    vcr (5.1.0)
    webmock (3.14.0)
      addressable (>= 2.8.0)
      crack (>= 0.3.2)
      hashdiff (>= 0.4.0, < 2.0.0)

PLATFORMS
  x86_64-linux

DEPENDENCIES
  client-api (~> 0.3.8)
  dotenv (~> 2.1, >= 2.1.1)
  rspec (~> 3.0)
  vcr (~> 5.0)
  webmock (~> 3.7, >= 3.7.6)

BUNDLED WITH
   2.2.33
